GEM
  remote: https://rubygems.org/
  specs:
    net-ssh (2.9.2)
    net-ssh-gateway (1.2.0)
      net-ssh (>= 2.6.5)

PLATFORMS
  ruby

DEPENDENCIES
  net-ssh (>= 2.8.0)
  net-ssh-gateway
